GEM
  remote: https://rubygems.org/
  specs:
    addressable (2.3.2)
    childprocess (0.3.5)
      ffi (~> 1.0, >= 1.0.6)
    ffi (1.1.5)
    ffi (1.1.5-x86-mingw32)
    httparty (0.8.3)
      multi_json (~> 1.0)
      multi_xml
    json (1.7.5)
    libwebsocket (0.1.5)
      addressable
    mime-types (1.19)
    multi_json (1.3.6)
    multi_xml (0.5.1)
    nokogiri (1.5.5)
    nokogiri (1.5.5-x86-mingw32)
    rest-client (1.6.7)
      mime-types (>= 1.16)
    rubyzip (0.9.9)
    selenium-webdriver (2.25.0)
      childprocess (>= 0.2.5)
      libwebsocket (~> 0.1.3)
      multi_json (~> 1.0)
      rubyzip
    watir-webdriver (0.6.1)
      selenium-webdriver (>= 2.18.0)

PLATFORMS
  ruby
  x86-mingw32

DEPENDENCIES
  httparty
  json
  multi_json
  nokogiri
  rest-client
  watir-webdriver
